PATH
  remote: .
  specs:
    data_store (0.0.1)
      eventmachine (~> 1.0.0)

GEM
  remote: https://rubygems.org/
  specs:
    diff-lcs (1.1.3)
    eventmachine (1.0.0)
    rake (0.9.2.2)
    rspec (2.11.0)
      rspec-core (~> 2.11.0)
      rspec-expectations (~> 2.11.0)
      rspec-mocks (~> 2.11.0)
    rspec-core (2.11.1)
    rspec-expectations (2.11.3)
      diff-lcs (~> 1.1.3)
    rspec-mocks (2.11.3)

PLATFORMS
  ruby

DEPENDENCIES
  data_store!
  rake (~> 0.9.2.2)
  rspec (~> 2.11.0)
